GEM
  remote: http://rubygems.org/
  specs:
    mocha (0.9.12)
    rack (1.3.0)
    rake (0.8.7)
    sinatra (1.2.6)
      rack (~> 1.1)
      tilt (>= 1.2.2, < 2.0)
    tilt (1.3.2)

PLATFORMS
  ruby

DEPENDENCIES
  mocha
  rake (= 0.8.7)
  sinatra
