GEM
  remote: http://rubygems.org/
  specs:
    haml (3.0.24)
    htmlentities (4.3.0)
    json (1.4.6)
    mocha (0.9.12)
    nokogiri (1.5.0)
    rack (1.3.0)
    rake (0.8.7)
    sinatra (1.2.6)
      rack (~> 1.1)
      tilt (>= 1.2.2, < 2.0)
    tilt (1.3.2)

PLATFORMS
  ruby

DEPENDENCIES
  haml
  htmlentities
  json
  mocha
  nokogiri
  rake (= 0.8.7)
  sinatra
